GEM
  remote: https://rubygems.org/
  specs:
    httparty (0.18.1)
      mime-types (~> 3.0)
      multi_xml (>= 0.5.2)
    mime-types (3.3.1)
      mime-types-data (~> 3.2015)
    mime-types-data (3.2020.1104)
    multi_xml (0.6.0)
    pg (0.18.4)

PLATFORMS
  ruby

DEPENDENCIES
  httparty
  pg (~> 0.18.4)

RUBY VERSION
   ruby 2.7.2p137

BUNDLED WITH
   2.1.4
